PATH
  remote: .
  specs:
    serrano (0.6.2)
      faraday (~> 1.0, >= 1.0.1)
      faraday_middleware (~> 1.0)
      multi_json (~> 1.13, >= 1.13.1)
      thor (>= 0.20, < 1.1)

GEM
  remote: https://rubygems.org/
  specs:
    addressable (2.7.0)
      public_suffix (>= 2.0.2, < 5.0)
    ast (2.4.1)
    codecov (0.2.1)
      colorize
      json
      simplecov
    colorize (0.8.1)
    crack (0.4.4)
    docile (1.3.2)
    faraday (1.1.0)
      multipart-post (>= 1.2, < 3)
      ruby2_keywords
    faraday_middleware (1.0.0)
      faraday (~> 1.0)
    hashdiff (1.0.1)
    json (2.3.1)
    multi_json (1.15.0)
    multipart-post (2.1.1)
    parallel (1.19.2)
    parser (2.7.1.5)
      ast (~> 2.4.1)
    power_assert (1.2.0)
    public_suffix (3.1.1)
    rainbow (3.0.0)
    rake (13.0.1)
    regexp_parser (1.8.0)
    rexml (3.2.4)
    rubocop (0.92.0)
      parallel (~> 1.10)
      parser (>= 2.7.1.5)
      rainbow (>= 2.2.2, < 4.0)
      regexp_parser (>= 1.7)
      rexml
      rubocop-ast (>= 0.5.0)
      ruby-progressbar (~> 1.7)
      unicode-display_width (>= 1.4.0, < 2.0)
    rubocop-ast (0.7.0)
      parser (>= 2.7.1.5)
      strscan (>= 1.0.0)
    rubocop-performance (1.8.1)
      rubocop (>= 0.87.0)
      rubocop-ast (>= 0.4.0)
    ruby-progressbar (1.10.1)
    ruby2_keywords (0.0.2)
    simplecov (0.19.0)
      docile (~> 1.1)
      simplecov-html (~> 0.11)
    simplecov-html (0.12.2)
    standard (0.7)
      rubocop (= 0.92)
      rubocop-performance (= 1.8.1)
    strscan (1.0.3)
    test-unit (3.3.6)
      power_assert
    thor (1.0.1)
    unicode-display_width (1.7.0)
    vcr (6.0.0)
    webmock (3.9.3)
      addressable (>= 2.3.6)
      crack (>= 0.3.2)
      hashdiff (>= 0.4.0, < 2.0.0)

PLATFORMS
  ruby

DEPENDENCIES
  bundler (~> 2.0, >= 2.0.2)
  codecov (~> 0.2.0)
  json (~> 2.1)
  rake (~> 13.0, >= 12.3.1)
  serrano!
  simplecov (~> 0.19.0)
  standard (~> 0.7)
  test-unit (~> 3.2, >= 3.2.7)
  vcr (~> 6.0)
  webmock (~> 3.4, >= 3.4.1)

BUNDLED WITH
   2.1.4
