PATH
  remote: .
  specs:
    serrano (0.5.2)
      faraday (~> 0.15.0)
      faraday_middleware (~> 0.12.2)
      multi_json (~> 1.13, >= 1.13.1)
      thor (~> 0.20.0)

GEM
  remote: https://rubygems.org/
  specs:
    addressable (2.5.2)
      public_suffix (>= 2.0.2, < 4.0)
    ast (2.4.0)
    codecov (0.1.10)
      json
      simplecov
      url
    crack (0.4.3)
      safe_yaml (~> 1.0.0)
    docile (1.3.0)
    faraday (0.15.4)
      multipart-post (>= 1.2, < 3)
    faraday_middleware (0.12.2)
      faraday (>= 0.7.4, < 1.0)
    hashdiff (0.3.8)
    jaro_winkler (1.5.1)
    json (2.1.0)
    multi_json (1.13.1)
    multipart-post (2.0.0)
    parallel (1.12.1)
    parser (2.5.3.0)
      ast (~> 2.4.0)
    power_assert (1.1.1)
    powerpack (0.1.2)
    public_suffix (3.0.3)
    rainbow (3.0.0)
    rake (12.3.1)
    rubocop (0.61.1)
      jaro_winkler (~> 1.5.1)
      parallel (~> 1.10)
      parser (>= 2.5, != 2.5.1.1)
      powerpack (~> 0.1)
      rainbow (>= 2.2.2, < 4.0)
      ruby-progressbar (~> 1.7)
      unicode-display_width (~> 1.4.0)
    ruby-progressbar (1.10.0)
    safe_yaml (1.0.4)
    simplecov (0.16.1)
      docile (~> 1.1)
      json (>= 1.8, < 3)
      simplecov-html (~> 0.10.0)
    simplecov-html (0.10.2)
    test-unit (3.2.7)
      power_assert
    thor (0.20.3)
    unicode-display_width (1.4.0)
    url (0.3.2)
    vcr (4.0.0)
    webmock (3.5.1)
      addressable (>= 2.3.6)
      crack (>= 0.3.2)
      hashdiff

PLATFORMS
  ruby

DEPENDENCIES
  bundler (~> 1.16, >= 1.16.1)
  codecov (~> 0.1.10)
  json (~> 2.1)
  rake (~> 12.3, >= 12.3.1)
  rubocop (~> 0.61.1)
  serrano!
  simplecov (~> 0.16.1)
  test-unit (~> 3.2, >= 3.2.7)
  vcr (~> 4.0)
  webmock (~> 3.4, >= 3.4.1)

BUNDLED WITH
   1.16.6
